PATH
  remote: .
  specs:
    guard-livereload (0.1.6)
      em-websocket (~> 0.2.0)
      guard (>= 0.2.2)
      json (~> 1.4.6)

GEM
  remote: http://rubygems.org/
  specs:
    addressable (2.2.2)
    configuration (1.2.0)
    diff-lcs (1.1.2)
    em-websocket (0.2.0)
      addressable (>= 2.1.1)
      eventmachine (>= 0.12.9)
    eventmachine (0.12.10)
    guard (0.2.2)
      open_gem (~> 1.4.2)
      thor (~> 0.14.3)
    guard-rspec (0.1.9)
      guard (>= 0.2.2)
    json (1.4.6)
    launchy (0.3.7)
      configuration (>= 0.0.5)
      rake (>= 0.8.1)
    open_gem (1.4.2)
      launchy (~> 0.3.5)
    rake (0.8.7)
    rspec (2.3.0)
      rspec-core (~> 2.3.0)
      rspec-expectations (~> 2.3.0)
      rspec-mocks (~> 2.3.0)
    rspec-core (2.3.0)
    rspec-expectations (2.3.0)
      diff-lcs (~> 1.1.2)
    rspec-mocks (2.3.0)
    thor (0.14.6)

PLATFORMS
  ruby

DEPENDENCIES
  bundler (~> 1.0.7)
  em-websocket (~> 0.2.0)
  guard (>= 0.2.2)
  guard-livereload!
  guard-rspec (~> 0.1.9)
  json (~> 1.4.6)
  rspec (~> 2.3.0)
